GIT
  remote: git://github.com/vintikzzz/ruby-bencode.git
  revision: 5288af4fc188181ccdce9f611c29e93018fdc47f
  specs:
    bencode (0.6.1)

GEM
  remote: http://rubygems.org/
  specs:
    diff-lcs (1.2.5)
    ffmpeg-video-info (0.2.8)
    rake (10.5.0)
    rake-compiler (0.9.5)
      rake
    rdoc (4.2.1)
    rice (2.1.0)
    rspec (3.4.0)
      rspec-core (~> 3.4.0)
      rspec-expectations (~> 3.4.0)
      rspec-mocks (~> 3.4.0)
    rspec-core (3.4.2)
      rspec-support (~> 3.4.0)
    rspec-expectations (3.4.0)
      diff-lcs (>= 1.2.0, < 2.0)
      rspec-support (~> 3.4.0)
    rspec-mocks (3.4.1)
      diff-lcs (>= 1.2.0, < 2.0)
      rspec-support (~> 3.4.0)
    rspec-support (3.4.1)

PLATFORMS
  ruby

DEPENDENCIES
  bencode!
  bundler
  ffmpeg-video-info
  rake-compiler
  rdoc
  rice
  rspec

BUNDLED WITH
   1.11.2
