GIT
  remote: git://github.com/vintikzzz/ruby-bencode.git
  revision: 5288af4fc188181ccdce9f611c29e93018fdc47f
  specs:
    bencode (0.6.1)

GEM
  remote: http://rubygems.org/
  specs:
    codeclimate-test-reporter (0.4.8)
      simplecov (>= 0.7.1, < 1.0.0)
    diff-lcs (1.2.5)
    docile (1.1.5)
    ffmpeg-video-info (0.2.13)
      mini_portile2
    json (1.8.3)
    mini_portile2 (2.1.0)
    rake (10.5.0)
    rake-compiler (0.9.5)
      rake
    rdoc (4.2.2)
      json (~> 1.4)
    rice (2.1.0)
    rspec (3.4.0)
      rspec-core (~> 3.4.0)
      rspec-expectations (~> 3.4.0)
      rspec-mocks (~> 3.4.0)
    rspec-core (3.4.3)
      rspec-support (~> 3.4.0)
    rspec-expectations (3.4.0)
      diff-lcs (>= 1.2.0, < 2.0)
      rspec-support (~> 3.4.0)
    rspec-mocks (3.4.1)
      diff-lcs (>= 1.2.0, < 2.0)
      rspec-support (~> 3.4.0)
    rspec-support (3.4.1)
    simplecov (0.11.2)
      docile (~> 1.1.0)
      json (~> 1.8)
      simplecov-html (~> 0.10.0)
    simplecov-html (0.10.0)

PLATFORMS
  ruby

DEPENDENCIES
  bencode!
  bundler
  codeclimate-test-reporter
  ffmpeg-video-info
  mini_portile2
  rake-compiler
  rdoc
  rice
  rspec

BUNDLED WITH
   1.11.2
